GEM
  remote: http://rubygems.org/
  specs:
    citrus (2.4.1)
    diff-lcs (1.2.4)
    path (1.3.3)
    rake (10.1.0)
    rspec (2.14.1)
      rspec-core (~> 2.14.0)
      rspec-expectations (~> 2.14.0)
      rspec-mocks (~> 2.14.0)
    rspec-core (2.14.5)
    rspec-expectations (2.14.2)
      diff-lcs (>= 1.1.3, < 2.0)
    rspec-mocks (2.14.3)
    wlang (0.10.2)

PLATFORMS
  java
  ruby

DEPENDENCIES
  citrus (~> 2.4)
  path (~> 1.3)
  rake (~> 10.0)
  rspec (~> 2.10)
  wlang (~> 0.10.2)
